GEM
  remote: https://rubygems.org/
  specs:
    rack (2.1.4)

PLATFORMS
  ruby

DEPENDENCIES
  rack (~> 2.1.4)
